PATH
  remote: .
  specs:
    html_to_tiptap (0.2.0)
      nokogiri

GEM
  remote: https://rubygems.org/
  specs:
    diff-lcs (1.3)
    nokogiri (1.17.0-arm64-darwin)
      racc (~> 1.4)
    racc (1.8.1)
    rake (10.5.0)
    rspec (3.8.0)
      rspec-core (~> 3.8.0)
      rspec-expectations (~> 3.8.0)
      rspec-mocks (~> 3.8.0)
    rspec-core (3.8.0)
      rspec-support (~> 3.8.0)
    rspec-expectations (3.8.2)
      diff-lcs (>= 1.2.0, < 2.0)
      rspec-support (~> 3.8.0)
    rspec-mocks (3.8.0)
      diff-lcs (>= 1.2.0, < 2.0)
      rspec-support (~> 3.8.0)
    rspec-support (3.8.0)
    yard (0.9.37)

PLATFORMS
  ruby

DEPENDENCIES
  bundler (~> 1.17)
  html_to_tiptap!
  rake (~> 10.0)
  rspec (~> 3.0)
  yard

BUNDLED WITH
   1.17.2
